GEM
  remote: https://rubygems.org/
  specs:
    byebug (9.0.5)
    coderay (1.1.1)
    daemons (1.2.4)
    eventmachine (1.2.0.1)
    facebook-messenger (0.9.0)
      httparty (~> 0.13, >= 0.13.7)
      rack (>= 1.6.4)
    faraday (0.9.2)
      multipart-post (>= 1.2, < 3)
    ffi (1.9.14)
    filetree (1.0.0)
    httparty (0.14.0)
      multi_xml (>= 0.5.2)
    jruby-jars (1.7.25)
    jruby-parser (0.5.4)
    method_source (0.8.2)
    multi_xml (0.5.5)
    multipart-post (2.0.0)
    pry (0.10.3)
      coderay (~> 1.1.0)
      method_source (~> 0.8.1)
      slop (~> 3.4)
    rack (2.0.1)
    rsense (0.5.18)
      bundler (~> 1.6)
      filetree (~> 1.0.0)
      jruby-jars (~> 1.7.4)
      jruby-parser (~> 0.5.4)
      rsense-core (~> 0.6.6)
      rsense-server (~> 0.5.18)
      spoon (~> 0.0.4)
      thor (>= 0.18.1, < 0.20)
    rsense-core (0.6.6)
      filetree (~> 1.0.0)
      jruby-jars (~> 1.7.4)
      jruby-parser (~> 0.5.4)
      spoon (~> 0.0.4)
      thor (>= 0.18.1, < 0.20)
    rsense-server (0.5.18)
      bundler (~> 1.6)
      faraday
      filetree (~> 1.0.0)
      jruby-jars (~> 1.7.4)
      jruby-parser (~> 0.5.4)
      rsense-core (~> 0.6.6)
      sinatra
      spoon (~> 0.0.4)
    rufus-scheduler (3.2.2)
    sinatra (1.0)
      rack (>= 1.0)
    slop (3.6.0)
    spoon (0.0.4)
      ffi
    thin (1.7.0)
      daemons (~> 1.0, >= 1.0.9)
      eventmachine (~> 1.0, >= 1.0.4)
      rack (>= 1, < 3)
    thor (0.19.1)
    wit (4.1.0)

PLATFORMS
  ruby

DEPENDENCIES
  byebug
  facebook-messenger (~> 0.9.0)
  pry
  rsense
  rufus-scheduler (~> 3.2, >= 3.2.2)
  thin (~> 1.7)
  wit (~> 4.1)

RUBY VERSION
   ruby 2.3.0p0

BUNDLED WITH
   1.12.5
